GEM
  remote: https://rubygems.org/
  specs:
    coderay (1.1.2)
    dentaku (3.1.0)
    gdb (0.3.0)
      memory_io (~> 0.1.0)
      pry (~> 0.11)
    memory_io (0.1.1)
      dentaku (>= 2.0.11)
    method_source (0.9.0)
    pry (0.11.3)
      coderay (~> 1.1.0)
      method_source (~> 0.9.0)

PLATFORMS
  ruby

DEPENDENCIES
  gdb

BUNDLED WITH
   1.16.1
